##TITLE= Parameter file, TOPSPIN		Version 3.1
##JCAMPDX= 5.0
##DATATYPE= Parameter Values
##NPOINTS= 57192	$$ modification sequence number
##ORIGIN= Bruker BioSpin GmbH
##OWNER= root
$$ 2024-12-16 12:54:43.395 +0100  nmrsu@CZC10666P2
$$ C:/Bruker/TopSpin3.1_7/conf/instr/AV_III_600/specpar
$$ process C:\Bruker\TopSpin3.1_7\prog\mod\cprserver.exe
##$HPPRECH= (0..15)
-1 0 2 -1 -1 -1 -1 -1 -1 -1 -1 -1 -1 -1 -1 -1
##$NUC1= 1
##$NUC2= 0
##$NUC3= 12
##$NUC4= 0
##$NUC5= 0
##$NUC6= 0
##$NUC7= 0
##$NUC8= 0
##$NUCARR= (0..123)
600.15 600.15 92.126679 640.14384 457.190891 88.31859 233.241078 84.331956
64.478063 192.55197 150.907838 43.354146 60.812671 81.359077 564.705207
47.377617 158.751078 36.738992 156.380239 119.232923 242.945173 46.067514
58.802151 48.946584 28.005238 15.371672 40.390269 145.78692 33.83366 33.842681
59.836809 157.857142 33.923455 148.772492 19.431525 142.398035 53.62971
159.132611 170.464764 37.550203 144.044126 183.025969 20.935122 102.761368
114.457685 31.314159 150.361461 162.079618 23.091371 57.94414 196.371805
26.009433 29.408538 55.791732 146.893734 39.111331 39.932151 135.083718
27.637814 30.975956 19.123462 27.463464 24.292986 27.928178 127.324703
133.19234 131.227329 131.508643 196.361572 213.847002 223.799728 143.619358
77.774741 157.057707 189.345939 120.074927 166.902831 49.475892 78.716526
59.621644 66.694237 79.185591 84.775034 183.76593 32.708175 20.16504 25.026255
20.64516 149.19729 65.89647 18.424605 24.186045 144.27606 20.64516 28.92723
128.07201 17.28432 49.752435 105.022085 28.933231 68.441106 48.798197 24.04801
15.105776 71.955584 25.004572 135.181387 136.543727 13.697409 46.604048
10.310577 11.228807 129.012949 10.376594 107.491798 39.679415 342.824885
346.189554 125.554975 96.439832 11.051162 11.050794 100 100
##$OFFSF= (0..7)
-69456.3999999218 0 0 0 0 0 0 0
##$OFFSH= (0..7)
2968.90000004169 2850.70000006726 0 0 0 0 0 0
##$OFFSX= (0..7)
7297.49999999285 7297.49999999996 15090.2999999971 0 0 0 0 0
##$PRECHAN= (0..15)
-1 2 3 0 -1 1 -1 -1 -1 -1 -1 -1 -1 -1 -1 -1
##$RECPRE= (0..15)
-1 0 -1 -1 -1 -1 -1 -1 -1 -1 -1 -1 -1 -1 -1 -1
##$RECSEL= (0..15)
0 0 0 1 0 0 0 0 0 0 0 0 0 0 0 0
##$SELREC= (0..9)
0 0 0 0 0 0 0 0 0 0
##$SFO1= 600.15
##$SFO2= 600.15
##$SFO3= 60.812671
##$SFO4= 600.15
##$SFO5= 600.15
##$SFO6= 600.15
##$SFO7= 600.15
##$SFO8= 600.15
##END=
